{
	"Modality": "MR",
	"MagneticFieldStrength": 3,
	"Manufacturer": "Siemens",
	"ManufacturersModelName": "Prisma",
	"InstitutionName": "Princeton_University",
	"InstitutionalDepartmentName": "NeuroScience",
	"InstitutionAddress": "Stadium_1952_Princeton_NJ_US_08544",
	"DeviceSerialNumber": "66018",
	"StationName": "AWP66018",
	"BodyPartExamined": "BRAIN",
	"PatientPosition": "HFS",
	"ProcedureStepDescription": "Turk-Browne_projects",
	"SoftwareVersions": "syngo_MR_D13D",
	"MRAcquisitionType": "2D",
	"SeriesDescription": "EPI_mb6_1000ms_1.5mm",
	"ProtocolName": "EPI_mb6_1000ms_1.5mm",
	"ScanningSequence": "EP",
	"SequenceVariant": "SK_SS",
	"ScanOptions": "PFP_FS",
	"SequenceName": "epfid2d1_128",
	"ImageType": ["ORIGINAL", "PRIMARY", "M", "MB", "ND", "MOSAIC"],
	"SeriesNumber": 12,
	"AcquisitionTime": "16:19:22.197500",
	"AcquisitionNumber": 1,
	"ImageComments": "Unaliased_MB6_PE3",
	"SliceThickness": 1.5,
	"SpacingBetweenSlices": 1.5,
	"SAR": 0.0516579,
	"EchoTime": 0.0326,
	"RepetitionTime": 1,
	"FlipAngle": 55,
	"PartialFourier": 0.75,
	"BaseResolution": 128,
	"ShimSetting": [
		762,
		624,
		2007,
		319,
		-83,
		122,
		174,
		-13	],
	"TxRefAmp": 248.034,
	"PhaseResolution": 1,
	"VendorReportedEchoSpacing": 0.00077,
	"ReceiveCoilName": "HeadNeck_64",
	"ReceiveCoilActiveElements": "HC1-7;NC1,2",
	"PulseSequenceDetails": "%CustomerSeq%_cmrr_mbep2d_bold",
	"ConsistencyInfo": "N4_VD13D_LATEST_20130810",
	"MultibandAccelerationFactor": 6,
	"PercentPhaseFOV": 100,
	"EchoTrainLength": 96,
	"PhaseEncodingSteps": 96,
	"AcquisitionMatrixPE": 128,
	"ReconMatrixPE": 128,
	"BandwidthPerPixelPhaseEncode": 10.146,
	"EffectiveEchoSpacing": 0.000770008,
	"DerivedVendorReportedEchoSpacing": 0.000770008,
	"TotalReadoutTime": 0.097791,
	"PixelBandwidth": 1565,
	"DwellTime": 2.5e-06,
	"PhaseEncodingDirection": "j-",
	"SliceTiming": [
		0,
		0.685,
		0.3925,
		0.0975,
		0.785,
		0.49,
		0.1975,
		0.8825,
		0.5875,
		0.295,
		0,
		0.685,
		0.3925,
		0.0975,
		0.785,
		0.49,
		0.1975,
		0.8825,
		0.5875,
		0.295,
		0,
		0.685,
		0.3925,
		0.0975,
		0.785,
		0.49,
		0.1975,
		0.8825,
		0.5875,
		0.295,
		0,
		0.685,
		0.3925,
		0.0975,
		0.785,
		0.49,
		0.1975,
		0.8825,
		0.5875,
		0.295,
		0,
		0.685,
		0.3925,
		0.0975,
		0.785,
		0.49,
		0.1975,
		0.8825,
		0.5875,
		0.295,
		0,
		0.685,
		0.3925,
		0.0975,
		0.785,
		0.49,
		0.1975,
		0.8825,
		0.5875,
		0.295	],
	"ImageOrientationPatientDICOM": [
		1,
		0,
		0,
		0,
		0.969016,
		-0.246999	],
	"InPlanePhaseEncodingDirectionDICOM": "COL",
	"ConversionSoftware": "dcm2niix",
	"ConversionSoftwareVersion": "v1.0.20180518 GCC4.8.5"
}
